GEM
  remote: https://rubygems.org/
  specs:
    activesupport (4.0.0)
      i18n (~> 0.6, >= 0.6.4)
      minitest (~> 4.2)
      multi_json (~> 1.3)
      thread_safe (~> 0.1)
      tzinfo (~> 0.3.37)
    atomic (1.1.10)
    chronic (0.9.0)
    coderay (1.0.9)
    coffee-script (2.2.0)
      coffee-script-source
      execjs
    coffee-script-source (1.6.2)
    commonjs (0.2.6)
    domain_name (0.5.11)
      unf (>= 0.0.5, < 1.0.0)
    execjs (1.4.0)
      multi_json (~> 1.0)
    hike (1.2.3)
    http-cookie (1.0.1)
      domain_name (~> 0.5)
    i18n (0.6.4)
    less (2.3.2)
      commonjs (~> 0.2.6)
    libv8 (3.11.8.17)
    mechanize (2.7.1)
      domain_name (~> 0.5, >= 0.5.1)
      http-cookie (~> 1.0.0)
      mime-types (~> 1.17, >= 1.17.2)
      net-http-digest_auth (~> 1.1, >= 1.1.1)
      net-http-persistent (~> 2.5, >= 2.5.2)
      nokogiri (~> 1.4)
      ntlm-http (~> 0.1, >= 0.1.1)
      webrobots (>= 0.0.9, < 0.2)
    method_source (0.8.1)
    mime-types (1.22)
    minitest (4.7.5)
    multi_json (1.7.7)
    net-http-digest_auth (1.3)
    net-http-persistent (2.8)
    nokogiri (1.5.9)
    ntlm-http (0.1.1)
    pry (0.9.12)
      coderay (~> 1.0.5)
      method_source (~> 0.8)
      slop (~> 3.4)
    rack (1.5.2)
    rack-protection (1.5.0)
      rack
    rake (10.1.0)
    redis (3.0.3)
    redis-objects (0.7.0)
      redis (>= 3.0.2)
    ref (1.0.5)
    sass (3.2.9)
    shotgun (0.9)
      rack (>= 1.0)
    sinatra (1.4.3)
      rack (~> 1.4)
      rack-protection (~> 1.4)
      tilt (~> 1.3, >= 1.3.4)
    sinatra-asset-pipeline (0.2.0)
      coffee-script
      rake
      sass
      sinatra
      sprockets
      sprockets-helpers
      sprockets-sass
    skim (0.9.1)
      coffee-script
      coffee-script-source (>= 1.2.0)
      slim (~> 2.0.0)
      sprockets
    slim (2.0.0)
      temple (~> 0.6.5)
      tilt (~> 1.3, >= 1.3.3)
    slop (3.4.4)
    sprockets (2.10.0)
      hike (~> 1.2)
      multi_json (~> 1.0)
      rack (~> 1.0)
      tilt (~> 1.1, != 1.3.0)
    sprockets-helpers (1.0.1)
      sprockets (~> 2.0)
    sprockets-sass (1.0.1)
      sprockets (~> 2.0)
      tilt (~> 1.1)
    temple (0.6.5)
    therubyracer (0.11.4)
      libv8 (~> 3.11.8.12)
      ref
    thread_safe (0.1.0)
      atomic
    tilt (1.4.1)
    tzinfo (0.3.37)
    unf (0.1.1)
      unf_ext
    unf_ext (0.0.6)
    webrobots (0.1.1)
    whenever (0.8.2)
      activesupport (>= 2.3.4)
      chronic (>= 0.6.3)

PLATFORMS
  ruby

DEPENDENCIES
  less
  mechanize
  pry
  redis
  redis-objects
  shotgun
  sinatra
  sinatra-asset-pipeline
  skim
  slim
  therubyracer
  whenever
